GEM
  remote: https://rubygems.org/
  specs:
    activemodel (3.2.1)
      activesupport (= 3.2.1)
      builder (~> 3.0.0)
    activerecord (3.2.1)
      activemodel (= 3.2.1)
      activesupport (= 3.2.1)
      arel (~> 3.0.0)
      tzinfo (~> 0.3.29)
    activesupport (3.2.1)
      i18n (~> 0.6)
      multi_json (~> 1.0)
    akami (1.2.2)
      gyoku (>= 0.4.0)
      nokogiri
    arel (3.0.3)
    builder (3.0.4)
    childprocess (0.5.3)
      ffi (~> 1.0, >= 1.0.11)
    cucumber (1.3.16)
      builder (>= 2.1.2)
      diff-lcs (>= 1.1.3)
      gherkin (~> 2.12)
      multi_json (>= 1.7.5, < 2.0)
      multi_test (>= 0.1.1)
    data_magic (0.19)
      faker (>= 1.1.2)
      yml_reader (>= 0.3)
    database_cleaner (1.3.0)
    diff-lcs (1.2.5)
    factory_girl (4.4.0)
      activesupport (>= 3.0.0)
    faker (1.4.3)
      i18n (~> 0.5)
    ffi (1.9.3-x64-mingw32)
    gherkin (2.12.2)
      multi_json (~> 1.3)
    gyoku (1.1.1)
      builder (>= 2.1.2)
    httpi (2.2.5)
      rack
    i18n (0.6.11)
    macaddr (1.7.1)
      systemu (~> 2.6.2)
    mime-types (1.25.1)
    mini_portile (0.6.0)
    multi_json (1.10.1)
    multi_test (0.1.1)
    nokogiri (1.6.3.1-x64-mingw32)
      mini_portile (= 0.6.0)
    nori (2.4.0)
    page-object (1.0.2)
      page_navigation (>= 0.9)
      selenium-webdriver (>= 2.42.0)
      watir-webdriver (>= 0.6.9)
    page_navigation (0.9)
      data_magic (>= 0.14)
    rack (1.5.2)
    require_all (1.3.2)
    rspec (3.0.0)
      rspec-core (~> 3.0.0)
      rspec-expectations (~> 3.0.0)
      rspec-mocks (~> 3.0.0)
    rspec-core (3.0.4)
      rspec-support (~> 3.0.0)
    rspec-expectations (3.0.4)
      diff-lcs (>= 1.2.0, < 2.0)
      rspec-support (~> 3.0.0)
    rspec-mocks (3.0.4)
      rspec-support (~> 3.0.0)
    rspec-support (3.0.4)
    rubyzip (1.1.6)
    savon (2.6.0)
      akami (~> 1.2.0)
      builder (>= 2.1.2)
      gyoku (~> 1.1.0)
      httpi (~> 2.2.3)
      nokogiri (>= 1.4.0)
      nori (~> 2.4.0)
      uuid (~> 2.3.7)
      wasabi (~> 3.3.0)
    selenium-webdriver (2.42.0)
      childprocess (>= 0.5.0)
      multi_json (~> 1.0)
      rubyzip (~> 1.0)
      websocket (~> 1.0.4)
    soap-object (0.5.1)
      savon (>= 2.2.0)
    sqlite3 (1.3.9-x64-mingw32)
    systemu (2.6.4)
    tzinfo (0.3.41)
    uuid (2.3.7)
      macaddr (~> 1.0)
    wasabi (3.3.0)
      httpi (~> 2.0)
      mime-types (< 2.0.0)
      nokogiri (>= 1.4.0)
    watir-webdriver (0.6.10)
      selenium-webdriver (>= 2.18.0)
    websocket (1.0.7)
    yml_reader (0.3)

PLATFORMS
  x64-mingw32

DEPENDENCIES
  activerecord (= 3.2.1)
  builder
  cucumber
  data_magic
  database_cleaner
  factory_girl
  faker
  nokogiri
  page-object
  page_navigation
  require_all
  rspec
  soap-object
  sqlite3
